GEM
  remote: https://rubygems.org/
  specs:
    nio4r (2.7.3)
    puma (6.4.2)
      nio4r (~> 2.0)

PLATFORMS
  arm64-darwin-23
  ruby

DEPENDENCIES
  puma (~> 6.4.2)

BUNDLED WITH
   2.5.20
